PATH
  remote: .
  specs:
    Dhalang (0.6.2)

GEM
  remote: https://rubygems.org/
  specs:
    Ascii85 (1.1.0)
    afm (0.2.2)
    diff-lcs (1.5.0)
    fastimage (2.2.6)
    hashery (2.1.2)
    pdf-reader (2.9.0)
      Ascii85 (~> 1.0)
      afm (~> 0.2.1)
      hashery (~> 2.0)
      ruby-rc4
      ttfunk
    rake (13.0.6)
    rspec (3.10.0)
      rspec-core (~> 3.10.0)
      rspec-expectations (~> 3.10.0)
      rspec-mocks (~> 3.10.0)
    rspec-core (3.10.2)
      rspec-support (~> 3.10.0)
    rspec-expectations (3.10.2)
      diff-lcs (>= 1.2.0, < 2.0)
      rspec-support (~> 3.10.0)
    rspec-mocks (3.10.3)
      diff-lcs (>= 1.2.0, < 2.0)
      rspec-support (~> 3.10.0)
    rspec-support (3.10.3)
    ruby-rc4 (0.1.5)
    ttfunk (1.7.0)

PLATFORMS
  x86-mingw32

DEPENDENCIES
  Dhalang!
  bundler (~> 2.3.6)
  fastimage (~> 2.2.6)
  pdf-reader (~> 2.9.0)
  rake (~> 13.0.6)
  rspec (~> 3.0)

BUNDLED WITH
   2.3.6
