PATH
  remote: .
  specs:
    Dhalang (0.3.1)

GEM
  remote: https://rubygems.org/
  specs:
    Ascii85 (1.0.3)
    addressable (2.3.8)
    afm (0.2.2)
    diff-lcs (1.3)
    fastimage (1.9.0)
      addressable (~> 2.3.5)
    hashery (2.1.2)
    pdf-reader (2.4.0)
      Ascii85 (~> 1.0.0)
      afm (~> 0.2.1)
      hashery (~> 2.0)
      ruby-rc4
      ttfunk
    rake (13.0.1)
    rspec (3.9.0)
      rspec-core (~> 3.9.0)
      rspec-expectations (~> 3.9.0)
      rspec-mocks (~> 3.9.0)
    rspec-core (3.9.1)
      rspec-support (~> 3.9.1)
    rspec-expectations (3.9.0)
      diff-lcs (>= 1.2.0, < 2.0)
      rspec-support (~> 3.9.0)
    rspec-mocks (3.9.1)
      diff-lcs (>= 1.2.0, < 2.0)
      rspec-support (~> 3.9.0)
    rspec-support (3.9.2)
    ruby-rc4 (0.1.5)
    ttfunk (1.6.2.1)

PLATFORMS
  ruby
  x64-mingw32

DEPENDENCIES
  Dhalang!
  bundler (~> 1.16)
  fastimage (~> 1.8)
  pdf-reader (~> 2.2)
  rake (~> 13.0.1)
  rspec (~> 3.0)

BUNDLED WITH
   1.17.3
